PATH
  remote: .
  specs:
    finance (2.0.2)
      activesupport (>= 3.2.0)
      business_time (>= 0.9.2)
      flt (>= 1.3.0)
      rake

GEM
  remote: http://rubygems.org/
  specs:
    activesupport (5.2.2.1)
      concurrent-ruby (~> 1.0, >= 1.0.2)
      i18n (>= 0.7, < 2)
      minitest (~> 5.1)
      tzinfo (~> 1.1)
    business_time (0.9.3)
      activesupport (>= 3.2.0)
      tzinfo
    coderay (1.1.2)
    concurrent-ruby (1.1.5)
    flt (1.5.2)
    i18n (1.6.0)
      concurrent-ruby (~> 1.0)
    method_source (0.9.2)
    minitest (5.11.3)
    pry (0.12.2)
      coderay (~> 1.1.0)
      method_source (~> 0.9.0)
    rake (12.3.2)
    thread_safe (0.3.6)
    tzinfo (1.2.5)
      thread_safe (~> 0.1)

PLATFORMS
  ruby

DEPENDENCIES
  finance!
  minitest (>= 4.7.5)
  pry

BUNDLED WITH
   1.17.2
